GEM
  remote: https://rubygems.org/
  specs:
    concurrent-ruby (1.1.7)
    deep_merge (1.2.1)
    facter (4.0.49)
      hocon (~> 1.3)
      thor (>= 1.0.1, < 2.0)
    faraday (0.17.3)
      multipart-post (>= 1.2, < 3)
    faraday_middleware (0.14.0)
      faraday (>= 0.7.4, < 1.0)
    fast_gettext (1.1.2)
    gettext (3.2.9)
      locale (>= 2.0.5)
      text (>= 1.3.0)
    gettext-setup (0.34)
      fast_gettext (~> 1.1.0)
      gettext (>= 3.0.2, < 3.3.0)
      locale
    hiera (3.6.0)
    hiera-eyaml (3.2.0)
      highline (~> 1.6.19)
      optimist
    highline (1.6.21)
    hocon (1.3.1)
    librarian-puppet (3.0.0)
      librarianp (>= 0.6.3)
      puppet_forge (~> 2.1)
      rsync
    librarianp (1.0.0)
      thor (~> 1.0)
    locale (2.1.3)
    minitar (0.9)
    multi_json (1.15.0)
    multipart-post (2.1.1)
    optimist (3.0.1)
    puppet (7.1.0)
      concurrent-ruby (~> 1.0)
      deep_merge (~> 1.0)
      facter (> 2.0.1, < 5)
      fast_gettext (~> 1.1)
      hiera (>= 3.2.1, < 4)
      locale (~> 2.1)
      multi_json (~> 1.10)
      puppet-resource_api (~> 1.5)
      scanf (~> 1.0)
      semantic_puppet (~> 1.0)
    puppet-resource_api (1.8.13)
      hocon (>= 1.0)
    puppet_forge (2.3.4)
      faraday (>= 0.9.0, < 0.18.0, != 0.13.1)
      faraday_middleware (>= 0.9.0, < 0.15.0)
      gettext-setup (~> 0.11)
      minitar
      semantic_puppet (~> 1.0)
    rsync (1.0.9)
    scanf (1.0.0)
    semantic_puppet (1.0.3)
    text (1.3.1)
    thor (1.0.1)

PLATFORMS
  ruby

DEPENDENCIES
  hiera-eyaml
  librarian-puppet
  puppet

BUNDLED WITH
   2.1.4
